GEM
  remote: http://rubygems.org/
  specs:
    ansi (1.4.3)
    chunky_png (1.2.5)
    coderay (1.0.8)
    compass (0.11.5)
      chunky_png (~> 1.2)
      fssm (>= 0.2.7)
      sass (~> 3.1)
    daemons (1.1.9)
    eventmachine (1.0.0)
    eventmachine (1.0.0-x86-mingw32)
    fssm (0.2.7)
    guard (1.6.1)
      listen (>= 0.6.0)
      lumberjack (>= 1.0.2)
      pry (>= 0.9.10)
      thor (>= 0.14.6)
    guard-shell (0.5.1)
      guard (>= 1.1.0)
    listen (0.7.2)
    lumberjack (1.0.2)
    method_source (0.8.1)
    minitest (2.8.0)
    pry (0.9.10)
      coderay (~> 1.0.5)
      method_source (~> 0.8)
      slop (~> 3.3.1)
    pry (0.9.10-x86-mingw32)
      coderay (~> 1.0.5)
      method_source (~> 0.8)
      slop (~> 3.3.1)
      win32console (~> 1.3)
    rack (1.3.5)
    rack-protection (1.1.4)
      rack
    rack-test (0.6.1)
      rack (>= 1.0)
    rake (10.0.3)
    sass (3.1.10)
    sinatra (1.3.1)
      rack (~> 1.3, >= 1.3.4)
      rack-protection (~> 1.1, >= 1.1.2)
      tilt (~> 1.3, >= 1.3.3)
    slim (1.0.4)
      temple (~> 0.3.4)
      tilt (~> 1.3.2)
    slop (3.3.3)
    temple (0.3.4)
    thin (1.5.0)
      daemons (>= 1.0.9)
      eventmachine (>= 0.12.6)
      rack (>= 1.0.0)
    thor (0.16.0)
    tilt (1.3.3)
    turn (0.9.6)
      ansi
    wdm (0.0.3)
    win32console (1.3.2-x86-mingw32)

PLATFORMS
  ruby
  x86-mingw32

DEPENDENCIES
  compass
  guard
  guard-shell
  minitest
  rack-test
  rake
  sinatra
  slim
  thin
  turn
  wdm
